NUGET
  remote: https://www.nuget.org/api/v2
    Akka (1.1.2)
      Newtonsoft.Json (>= 9.0.1)
      System.Collections.Immutable (>= 1.1.36)
    Akka.FSharp (1.1.1)
      Akka (>= 1.1.1)
      FsPickler (>= 1.2.21)
      FSPowerPack.Core.Community (>= 3.0)
      FSPowerPack.Linq.Community (>= 3.0)
    Akka.Remote (1.1.2)
      Akka (>= 1.1.2)
      Google.ProtocolBuffers (>= 2.4.1.555)
      Helios (>= 2.1.2)
      System.Collections.Immutable (>= 1.1.36)
    canopy (1.0.3)
      FSharp.Core (>= 3.0.2)
      Selenium.WebDriver (3.0)
    DotLiquid (2.0.55)
    FAKE (4.39.1)
    Foq (1.7.1)
    FsCheck (2.6.2)
      FSharp.Core (>= 3.1.2.5)
    FSharp.Charting (0.90.14)
    FSharp.Charting.Gtk (0.90.14)
    FSharp.Core (4.0.0.1)
    FSharp.Data (2.3.2)
      Zlib.Portable (>= 1.11) - framework: >= netstandard11, portable-net45+sl5+win8, portable-net45+win8, portable-net45+win8+wp8+wpa81
    FSharp.Data.TypeProviders (5.0.0.2)
      FSharp.Core (>= 3.1.2.5)
    FsPickler (2.4)
    FSPowerPack.Core.Community (3.0)
    FSPowerPack.Linq.Community (3.0)
      FSPowerPack.Core.Community
    FsUnit (2.3.2)
      FSharp.Core (>= 3.1.2.5)
      NUnit (3.5)
    Google.ProtocolBuffers (2.4.1.555)
    Helios (2.1.3)
    Microsoft.CSharp (4.0.1) - framework: >= netstandard10
      System.Collections (>= 4.0.11) - framework: dnxcore50, >= netstandard13
      System.Diagnostics.Debug (>= 4.0.11) - framework: dnxcore50, >= netstandard13
      System.Dynamic.Runtime (>= 4.0.11) - framework: dnxcore50, netstandard10, >= netstandard13
      System.Globalization (>= 4.0.11) - framework: dnxcore50, >= netstandard13
      System.Linq (>= 4.1) - framework: dnxcore50, >= netstandard13
      System.Linq.Expressions (>= 4.1) - framework: dnxcore50, netstandard10, >= netstandard13
      System.ObjectModel (>= 4.0.12) - framework: dnxcore50, >= netstandard13
      System.Reflection (>= 4.1) - framework: dnxcore50, >= netstandard13
      System.Reflection.Extensions (>= 4.0.1) - framework: dnxcore50, >= netstandard13
      System.Reflection.Primitives (>= 4.0.1) - framework: dnxcore50, >= netstandard13
      System.Reflection.TypeExtensions (>= 4.1) - framework: dnxcore50, >= netstandard13
      System.Resources.ResourceManager (>= 4.0.1) - framework: dnxcore50, >= netstandard13
      System.Runtime (>= 4.1) - framework: dnxcore50, netstandard10, >= netstandard13
      System.Runtime.Extensions (>= 4.1) - framework: dnxcore50, >= netstandard13
      System.Runtime.InteropServices (>= 4.1) - framework: dnxcore50, >= netstandard13
      System.Threading (>= 4.0.11) - framework: dnxcore50, >= netstandard13
    Microsoft.NETCore.Platforms (1.0.1) - framework: >= netstandard10
    Microsoft.NETCore.Targets (1.0.1) - framework: >= netstandard10
    Newtonsoft.Json (9.0.1)
      Microsoft.CSharp (>= 4.0.1) - framework: >= netstandard10
      System.Collections (>= 4.0.11) - framework: >= netstandard10
      System.Diagnostics.Debug (>= 4.0.11) - framework: >= netstandard10
      System.Dynamic.Runtime (>= 4.0.11) - framework: >= netstandard10
      System.Globalization (>= 4.0.11) - framework: >= netstandard10
      System.IO (>= 4.1) - framework: >= netstandard10
      System.Linq (>= 4.1) - framework: >= netstandard10
      System.Linq.Expressions (>= 4.1) - framework: >= netstandard10
      System.ObjectModel (>= 4.0.12) - framework: >= netstandard10
      System.Reflection (>= 4.1) - framework: >= netstandard10
      System.Reflection.Extensions (>= 4.0.1) - framework: >= netstandard10
      System.Resources.ResourceManager (>= 4.0.1) - framework: >= netstandard10
      System.Runtime (>= 4.1) - framework: >= netstandard10
      System.Runtime.Extensions (>= 4.1) - framework: >= netstandard10
      System.Runtime.Serialization.Primitives (>= 4.1.1) - framework: >= netstandard10
      System.Text.Encoding (>= 4.0.11) - framework: >= netstandard10
      System.Text.Encoding.Extensions (>= 4.0.11) - framework: >= netstandard10
      System.Text.RegularExpressions (>= 4.1) - framework: >= netstandard10
      System.Threading (>= 4.0.11) - framework: >= netstandard10
      System.Threading.Tasks (>= 4.0.11) - framework: >= netstandard10
      System.Xml.ReaderWriter (>= 4.0.11) - framework: >= netstandard10
      System.Xml.XDocument (>= 4.0.11) - framework: >= netstandard10
    NUnit (3.5)
    NUnit.ConsoleRunner (3.5)
    Selenium.WebDriver (3.0)
    Suave (1.1.3)
      FSharp.Core (>= 3.1.2.5)
    Suave.DotLiquid (1.1.3)
      DotLiquid (>= 1.8)
      FSharp.Core (>= 3.1.2.5)
      Suave (>= 1.1.3)
    Suave.Experimental (1.1.3)
      FSharp.Core (>= 3.1.2.5)
      Suave (>= 1.1.3)
    System.Collections (4.0.11) - framework: >= netstandard10
      Microsoft.NETCore.Platforms (>= 1.0.1) - framework: dnxcore50, netstandard10, >= netstandard13
      Microsoft.NETCore.Targets (>= 1.0.1) - framework: dnxcore50, netstandard10, >= netstandard13
      System.Runtime (>= 4.1) - framework: dnxcore50, netstandard10, >= netstandard13
    System.Collections.Immutable (1.2)
      System.Collections (>= 4.0.11) - framework: >= netstandard10
      System.Diagnostics.Debug (>= 4.0.11) - framework: >= netstandard10
      System.Globalization (>= 4.0.11) - framework: >= netstandard10
      System.Linq (>= 4.1) - framework: >= netstandard10
      System.Resources.ResourceManager (>= 4.0.1) - framework: >= netstandard10
      System.Runtime (>= 4.1) - framework: >= netstandard10
      System.Runtime.Extensions (>= 4.1) - framework: >= netstandard10
      System.Threading (>= 4.0.11) - framework: >= netstandard10
    System.Diagnostics.Debug (4.0.11) - framework: >= netstandard10
      Microsoft.NETCore.Platforms (>= 1.0.1) - framework: dnxcore50, netstandard10, >= netstandard13
      Microsoft.NETCore.Targets (>= 1.0.1) - framework: dnxcore50, netstandard10, >= netstandard13
      System.Runtime (>= 4.1) - framework: dnxcore50, netstandard10, >= netstandard13
    System.Diagnostics.Tools (4.0.1) - framework: >= netstandard13
      Microsoft.NETCore.Platforms (>= 1.0.1) - framework: dnxcore50, >= netstandard10
      Microsoft.NETCore.Targets (>= 1.0.1) - framework: dnxcore50, >= netstandard10
      System.Runtime (>= 4.1) - framework: dnxcore50, >= netstandard10
    System.Dynamic.Runtime (4.0.11) - framework: >= netstandard10
      System.Collections (>= 4.0.11) - framework: dnxcore50, >= netstandard13
      System.Diagnostics.Debug (>= 4.0.11) - framework: dnxcore50, >= netstandard13
      System.Globalization (>= 4.0.11) - framework: dnxcore50, >= netstandard13
      System.Linq (>= 4.1) - framework: dnxcore50, >= netstandard13
      System.Linq.Expressions (>= 4.1) - framework: dnxcore50, netstandard10, >= netstandard13
      System.ObjectModel (>= 4.0.12) - framework: dnxcore50, netstandard10, >= netstandard13
      System.Reflection (>= 4.1) - framework: dnxcore50, netstandard10, >= netstandard13
      System.Reflection.Emit (>= 4.0.1) - framework: >= netstandard13
      System.Reflection.Emit.ILGeneration (>= 4.0.1) - framework: >= netstandard13
      System.Reflection.Primitives (>= 4.0.1) - framework: >= netstandard13
      System.Reflection.TypeExtensions (>= 4.1) - framework: dnxcore50, >= netstandard13
      System.Resources.ResourceManager (>= 4.0.1) - framework: dnxcore50, >= netstandard13
      System.Runtime (>= 4.1) - framework: dnxcore50, netstandard10, >= netstandard13
      System.Runtime.Extensions (>= 4.1) - framework: dnxcore50, >= netstandard13
      System.Threading (>= 4.0.11) - framework: dnxcore50, >= netstandard13
    System.Globalization (4.0.11) - framework: >= netstandard10
      Microsoft.NETCore.Platforms (>= 1.0.1) - framework: dnxcore50, netstandard10, >= netstandard13
      Microsoft.NETCore.Targets (>= 1.0.1) - framework: dnxcore50, netstandard10, >= netstandard13
      System.Runtime (>= 4.1) - framework: dnxcore50, netstandard10, >= netstandard13
    System.IO (4.1) - framework: >= netstandard10
      Microsoft.NETCore.Platforms (>= 1.0.1) - framework: dnxcore50, netstandard10, netstandard13, >= netstandard15
      Microsoft.NETCore.Targets (>= 1.0.1) - framework: dnxcore50, netstandard10, netstandard13, >= netstandard15
      System.Runtime (>= 4.1) - framework: dnxcore50, netstandard10, netstandard13, >= netstandard15
      System.Text.Encoding (>= 4.0.11) - framework: dnxcore50, netstandard10, netstandard13, >= netstandard15
      System.Threading.Tasks (>= 4.0.11) - framework: dnxcore50, netstandard10, netstandard13, >= netstandard15
    System.IO.FileSystem (4.0.1) - framework: >= netstandard13
      Microsoft.NETCore.Platforms (>= 1.0.1) - framework: >= netstandard13
      Microsoft.NETCore.Targets (>= 1.0.1) - framework: >= netstandard13
      System.IO (>= 4.1) - framework: >= netstandard13
      System.IO.FileSystem.Primitives (>= 4.0.1) - framework: >= net46, >= netstandard13
      System.Runtime (>= 4.1) - framework: >= netstandard13
      System.Runtime.Handles (>= 4.0.1) - framework: >= netstandard13
      System.Text.Encoding (>= 4.0.11) - framework: >= netstandard13
      System.Threading.Tasks (>= 4.0.11) - framework: >= netstandard13
    System.IO.FileSystem.Primitives (4.0.1) - framework: >= netstandard13
      System.Runtime (>= 4.1) - framework: >= netstandard13
    System.Linq (4.1) - framework: >= netstandard10
      System.Collections (>= 4.0.11) - framework: dnxcore50, netstandard10, >= netstandard16
      System.Diagnostics.Debug (>= 4.0.11) - framework: dnxcore50, >= netstandard16
      System.Resources.ResourceManager (>= 4.0.1) - framework: dnxcore50, >= netstandard16
      System.Runtime (>= 4.1) - framework: dnxcore50, netstandard10, >= netstandard16
      System.Runtime.Extensions (>= 4.1) - framework: dnxcore50, >= netstandard16
    System.Linq.Expressions (4.1) - framework: >= netstandard10
      System.Collections (>= 4.0.11) - framework: dnxcore50, >= netstandard16
      System.Diagnostics.Debug (>= 4.0.11) - framework: dnxcore50, >= netstandard16
      System.Globalization (>= 4.0.11) - framework: dnxcore50, >= netstandard16
      System.IO (>= 4.1) - framework: dnxcore50, >= netstandard16
      System.Linq (>= 4.1) - framework: dnxcore50, >= netstandard16
      System.ObjectModel (>= 4.0.12) - framework: >= netstandard16
      System.Reflection (>= 4.1) - framework: dnxcore50, netstandard10, netstandard13, >= netstandard16
      System.Reflection.Emit (>= 4.0.1) - framework: >= netstandard16
      System.Reflection.Emit.ILGeneration (>= 4.0.1) - framework: dnxcore50, >= netstandard16
      System.Reflection.Emit.Lightweight (>= 4.0.1) - framework: dnxcore50, >= netstandard16
      System.Reflection.Extensions (>= 4.0.1) - framework: dnxcore50, >= netstandard16
      System.Reflection.Primitives (>= 4.0.1) - framework: dnxcore50, >= netstandard16
      System.Reflection.TypeExtensions (>= 4.1) - framework: dnxcore50, >= netstandard16
      System.Resources.ResourceManager (>= 4.0.1) - framework: dnxcore50, >= netstandard16
      System.Runtime (>= 4.1) - framework: dnxcore50, netstandard10, netstandard13, >= netstandard16
      System.Runtime.Extensions (>= 4.1) - framework: dnxcore50, >= netstandard16
      System.Threading (>= 4.0.11) - framework: dnxcore50, >= netstandard16
    System.ObjectModel (4.0.12) - framework: >= netstandard10
      System.Collections (>= 4.0.11) - framework: dnxcore50, >= netstandard13
      System.Diagnostics.Debug (>= 4.0.11) - framework: dnxcore50, >= netstandard13
      System.Resources.ResourceManager (>= 4.0.1) - framework: dnxcore50, >= netstandard13
      System.Runtime (>= 4.1) - framework: dnxcore50, netstandard10, >= netstandard13
      System.Threading (>= 4.0.11) - framework: dnxcore50, >= netstandard13
    System.Reflection (4.1) - framework: >= netstandard10
      Microsoft.NETCore.Platforms (>= 1.0.1) - framework: dnxcore50, netstandard10, netstandard13, >= netstandard15
      Microsoft.NETCore.Targets (>= 1.0.1) - framework: dnxcore50, netstandard10, netstandard13, >= netstandard15
      System.IO (>= 4.1) - framework: dnxcore50, netstandard10, netstandard13, >= netstandard15
      System.Reflection.Primitives (>= 4.0.1) - framework: dnxcore50, netstandard10, netstandard13, >= netstandard15
      System.Runtime (>= 4.1) - framework: dnxcore50, netstandard10, netstandard13, >= netstandard15
    System.Reflection.Emit (4.0.1) - framework: >= netstandard13
      System.IO (>= 4.1) - framework: >= netstandard11
      System.Reflection (>= 4.1) - framework: >= netstandard11
      System.Reflection.Emit.ILGeneration (>= 4.0.1) - framework: >= netstandard11, monotouch, xamarinios
      System.Reflection.Primitives (>= 4.0.1) - framework: >= netstandard11
      System.Runtime (>= 4.1) - framework: >= netstandard11
    System.Reflection.Emit.ILGeneration (4.0.1) - framework: >= netstandard13
      System.Reflection (>= 4.1) - framework: >= netstandard10
      System.Reflection.Primitives (>= 4.0.1) - framework: >= netstandard10
      System.Runtime (>= 4.1) - framework: >= netstandard10
    System.Reflection.Emit.Lightweight (4.0.1) - framework: >= netstandard16
      System.Reflection (>= 4.1) - framework: >= netstandard10
      System.Reflection.Emit.ILGeneration (>= 4.0.1) - framework: >= netstandard10, monoandroid, monotouch, xamarinios, xamarinmac
      System.Reflection.Primitives (>= 4.0.1) - framework: >= netstandard10
      System.Runtime (>= 4.1) - framework: >= netstandard10
    System.Reflection.Extensions (4.0.1) - framework: >= netstandard10
      Microsoft.NETCore.Platforms (>= 1.0.1) - framework: dnxcore50, >= netstandard10
      Microsoft.NETCore.Targets (>= 1.0.1) - framework: dnxcore50, >= netstandard10
      System.Reflection (>= 4.1) - framework: dnxcore50, >= netstandard10
      System.Runtime (>= 4.1) - framework: dnxcore50, >= netstandard10
    System.Reflection.Primitives (4.0.1) - framework: netstandard10, >= netstandard13
      Microsoft.NETCore.Platforms (>= 1.0.1) - framework: dnxcore50, >= netstandard10
      Microsoft.NETCore.Targets (>= 1.0.1) - framework: dnxcore50, >= netstandard10
      System.Runtime (>= 4.1) - framework: dnxcore50, >= netstandard10
    System.Reflection.TypeExtensions (4.1) - framework: >= netstandard13
      System.Reflection (>= 4.1) - framework: >= net462, dnxcore50, netstandard13, >= netstandard15
      System.Runtime (>= 4.1) - framework: dnxcore50, netstandard13, >= netstandard15
    System.Resources.ResourceManager (4.0.1) - framework: >= netstandard10
      Microsoft.NETCore.Platforms (>= 1.0.1) - framework: dnxcore50, >= netstandard10
      Microsoft.NETCore.Targets (>= 1.0.1) - framework: dnxcore50, >= netstandard10
      System.Globalization (>= 4.0.11) - framework: dnxcore50, >= netstandard10
      System.Reflection (>= 4.1) - framework: dnxcore50, >= netstandard10
      System.Runtime (>= 4.1) - framework: dnxcore50, >= netstandard10
    System.Runtime (4.1) - framework: >= netstandard10
      Microsoft.NETCore.Platforms (>= 1.0.1) - framework: dnxcore50, netstandard10, netstandard12, netstandard13, >= netstandard15
      Microsoft.NETCore.Targets (>= 1.0.1) - framework: dnxcore50, netstandard10, netstandard12, netstandard13, >= netstandard15
    System.Runtime.Extensions (4.1) - framework: >= netstandard10
      Microsoft.NETCore.Platforms (>= 1.0.1) - framework: dnxcore50, netstandard10, netstandard13, >= netstandard15
      Microsoft.NETCore.Targets (>= 1.0.1) - framework: dnxcore50, netstandard10, netstandard13, >= netstandard15
      System.Runtime (>= 4.1) - framework: dnxcore50, netstandard10, netstandard13, >= netstandard15
    System.Runtime.Handles (4.0.1) - framework: >= netstandard13
      Microsoft.NETCore.Platforms (>= 1.0.1) - framework: >= netstandard13
      Microsoft.NETCore.Targets (>= 1.0.1) - framework: >= netstandard13
      System.Runtime (>= 4.1) - framework: >= netstandard13
    System.Runtime.InteropServices (4.1) - framework: >= netstandard13
      Microsoft.NETCore.Platforms (>= 1.0.1) - framework: dnxcore50, netstandard11, netstandard12, netstandard13, >= netstandard15
      Microsoft.NETCore.Targets (>= 1.0.1) - framework: dnxcore50, netstandard11, netstandard12, netstandard13, >= netstandard15
      System.Reflection (>= 4.1) - framework: dnxcore50, netstandard11, netstandard12, netstandard13, >= netstandard15
      System.Reflection.Primitives (>= 4.0.1) - framework: dnxcore50, netstandard11, netstandard12, netstandard13, >= netstandard15
      System.Runtime (>= 4.1) - framework: >= net462, dnxcore50, netstandard11, netstandard12, netstandard13, >= netstandard15
      System.Runtime.Handles (>= 4.0.1) - framework: dnxcore50, netstandard13, >= netstandard15
    System.Runtime.Serialization.Primitives (4.1.1) - framework: >= netstandard10
      System.Resources.ResourceManager (>= 4.0.1) - framework: dnxcore50, >= netstandard13
      System.Runtime (>= 4.1) - framework: dnxcore50, netstandard10, >= netstandard13
    System.Text.Encoding (4.0.11) - framework: >= netstandard10
      Microsoft.NETCore.Platforms (>= 1.0.1) - framework: dnxcore50, netstandard10, >= netstandard13
      Microsoft.NETCore.Targets (>= 1.0.1) - framework: dnxcore50, netstandard10, >= netstandard13
      System.Runtime (>= 4.1) - framework: dnxcore50, netstandard10, >= netstandard13
    System.Text.Encoding.Extensions (4.0.11) - framework: >= netstandard10
      Microsoft.NETCore.Platforms (>= 1.0.1) - framework: dnxcore50, netstandard10, >= netstandard13
      Microsoft.NETCore.Targets (>= 1.0.1) - framework: dnxcore50, netstandard10, >= netstandard13
      System.Runtime (>= 4.1) - framework: dnxcore50, netstandard10, >= netstandard13
      System.Text.Encoding (>= 4.0.11) - framework: dnxcore50, netstandard10, >= netstandard13
    System.Text.RegularExpressions (4.1) - framework: >= netstandard10
      System.Collections (>= 4.0.11) - framework: dnxcore50, >= netstandard16
      System.Globalization (>= 4.0.11) - framework: dnxcore50, >= netstandard16
      System.Resources.ResourceManager (>= 4.0.1) - framework: dnxcore50, >= netstandard16
      System.Runtime (>= 4.1) - framework: dnxcore50, netstandard10, netstandard13, >= netstandard16
      System.Runtime.Extensions (>= 4.1) - framework: dnxcore50, >= netstandard16
      System.Threading (>= 4.0.11) - framework: dnxcore50, >= netstandard16
    System.Threading (4.0.11) - framework: >= netstandard10
      System.Runtime (>= 4.1) - framework: dnxcore50, netstandard10, >= netstandard13
      System.Threading.Tasks (>= 4.0.11) - framework: dnxcore50, netstandard10, >= netstandard13
    System.Threading.Tasks (4.0.11) - framework: >= netstandard10
      Microsoft.NETCore.Platforms (>= 1.0.1) - framework: dnxcore50, netstandard10, >= netstandard13
      Microsoft.NETCore.Targets (>= 1.0.1) - framework: dnxcore50, netstandard10, >= netstandard13
      System.Runtime (>= 4.1) - framework: dnxcore50, netstandard10, >= netstandard13
    System.Threading.Tasks.Extensions (4.0) - framework: >= netstandard13
      System.Collections (>= 4.0.11) - framework: >= netstandard10
      System.Runtime (>= 4.1) - framework: >= netstandard10
      System.Threading.Tasks (>= 4.0.11) - framework: >= netstandard10
    System.Xml.ReaderWriter (4.0.11) - framework: >= netstandard10
      System.Collections (>= 4.0.11) - framework: dnxcore50, >= netstandard13
      System.Diagnostics.Debug (>= 4.0.11) - framework: dnxcore50, >= netstandard13
      System.Globalization (>= 4.0.11) - framework: dnxcore50, >= netstandard13
      System.IO (>= 4.1) - framework: dnxcore50, netstandard10, >= netstandard13
      System.IO.FileSystem (>= 4.0.1) - framework: dnxcore50, >= netstandard13
      System.IO.FileSystem.Primitives (>= 4.0.1) - framework: dnxcore50, >= netstandard13
      System.Resources.ResourceManager (>= 4.0.1) - framework: dnxcore50, >= netstandard13
      System.Runtime (>= 4.1) - framework: dnxcore50, netstandard10, >= netstandard13
      System.Runtime.Extensions (>= 4.1) - framework: dnxcore50, >= netstandard13
      System.Runtime.InteropServices (>= 4.1) - framework: dnxcore50, >= netstandard13
      System.Text.Encoding (>= 4.0.11) - framework: dnxcore50, netstandard10, >= netstandard13
      System.Text.Encoding.Extensions (>= 4.0.11) - framework: dnxcore50, >= netstandard13
      System.Text.RegularExpressions (>= 4.1) - framework: dnxcore50, >= netstandard13
      System.Threading.Tasks (>= 4.0.11) - framework: dnxcore50, netstandard10, >= netstandard13
      System.Threading.Tasks.Extensions (>= 4.0) - framework: dnxcore50, >= netstandard13
    System.Xml.XDocument (4.0.11) - framework: >= netstandard10
      System.Collections (>= 4.0.11) - framework: dnxcore50, >= netstandard13
      System.Diagnostics.Debug (>= 4.0.11) - framework: dnxcore50, >= netstandard13
      System.Diagnostics.Tools (>= 4.0.1) - framework: dnxcore50, >= netstandard13
      System.Globalization (>= 4.0.11) - framework: dnxcore50, >= netstandard13
      System.IO (>= 4.1) - framework: dnxcore50, netstandard10, >= netstandard13
      System.Reflection (>= 4.1) - framework: dnxcore50, >= netstandard13
      System.Resources.ResourceManager (>= 4.0.1) - framework: dnxcore50, >= netstandard13
      System.Runtime (>= 4.1) - framework: dnxcore50, netstandard10, >= netstandard13
      System.Runtime.Extensions (>= 4.1) - framework: dnxcore50, >= netstandard13
      System.Text.Encoding (>= 4.0.11) - framework: dnxcore50, >= netstandard13
      System.Threading (>= 4.0.11) - framework: dnxcore50, >= netstandard13
      System.Xml.ReaderWriter (>= 4.0.11) - framework: dnxcore50, netstandard10, >= netstandard13
    Zlib.Portable (1.11) - framework: >= netstandard11, portable-net45+sl5+win8, portable-net45+win8, portable-net45+win8+wp8+wpa81
